GEM
  remote: https://rubygems.org/
  specs:
    high_voltage (2.4.0)

PLATFORMS
  ruby

DEPENDENCIES
  high_voltage (~> 2.4.0)

BUNDLED WITH
   1.10.6
